PATH
  remote: .
  specs:
    eddy (0.8.4)
      ginny (~> 0.6.3)
      json_schemer (~> 0.2.8)
      thor (~> 1.0.1)

GEM
  remote: https://rubygems.org/
  specs:
    ansi (1.5.0)
    builder (3.2.4)
    coderay (1.1.2)
    coolkit (0.2.2)
    coveralls (0.8.23)
      json (>= 1.8, < 3)
      simplecov (~> 0.16.1)
      term-ansicolor (~> 1.3)
      thor (>= 0.19.4, < 2.0)
      tins (~> 1.6)
    docile (1.3.2)
    dry-inflector (0.2.0)
    ecma-re-validator (0.2.0)
      regexp_parser (~> 1.2)
    ginny (0.6.3)
      coolkit (~> 0.2.2)
      dry-inflector (~> 0.2.0)
    hana (1.3.5)
    json (2.3.0)
    json_schemer (0.2.8)
      ecma-re-validator (~> 0.2)
      hana (~> 1.3)
      regexp_parser (~> 1.5)
      uri_template (~> 0.7)
    method_source (0.9.2)
    minitest (5.13.0)
    minitest-focus (1.1.2)
      minitest (>= 4, < 6)
    minitest-reporters (1.4.2)
      ansi
      builder
      minitest (>= 5.0)
      ruby-progressbar
    pry (0.12.2)
      coderay (~> 1.1.0)
      method_source (~> 0.9.0)
    rake (13.0.1)
    regexp_parser (1.6.0)
    ruby-progressbar (1.10.1)
    simplecov (0.16.1)
      docile (~> 1.1)
      json (>= 1.8, < 3)
      simplecov-html (~> 0.10.0)
    simplecov-html (0.10.2)
    term-ansicolor (1.7.1)
      tins (~> 1.0)
    thor (1.0.1)
    tins (1.22.2)
    uri_template (0.7.0)

PLATFORMS
  ruby

DEPENDENCIES
  bundler (~> 2.0)
  coveralls (~> 0.8.23)
  eddy!
  minitest (~> 5.0)
  minitest-focus (~> 1.1)
  minitest-reporters (~> 1.4)
  pry (~> 0.12.2)
  rake (~> 13.0)
  simplecov (~> 0.16)

BUNDLED WITH
   2.0.2
